GEM
  remote: https://rubygems.org/
  specs:
    coderay (1.1.0)
    columnize (0.3.6)
    debugger (1.6.5)
      columnize (>= 0.3.1)
      debugger-linecache (~> 1.2.0)
      debugger-ruby_core_source (~> 1.3.1)
    debugger-linecache (1.2.0)
    debugger-ruby_core_source (1.3.1)
    method_source (0.8.2)
    net-ssh (2.9.1)
    net-ssh-shell (0.1.0)
      net-ssh (>= 2.0.9)
    pry (0.9.12.6)
      coderay (~> 1.0)
      method_source (~> 0.8)
      slop (~> 3.4)
    pry-debugger (0.2.2)
      debugger (~> 1.3)
      pry (~> 0.9.10)
    slop (3.5.0)

PLATFORMS
  ruby

DEPENDENCIES
  net-ssh (~> 2.9.1)
  net-ssh-shell
  pry
  pry-debugger
